GEM
  remote: https://rubygems.org/
  specs:
    bigdecimal (3.1.9)
    citrus (3.0.2)
    google-protobuf (4.31.0-x64-mingw-ucrt)
      bigdecimal
      rake (>= 13)
    googleapis-common-protos-types (1.20.0)
      google-protobuf (>= 3.18, < 5.a)
    grpc (1.72.0-x64-mingw-ucrt)
      google-protobuf (>= 3.25, < 5.0)
      googleapis-common-protos-types (~> 1.0)
    grpc-tools (1.72.0)
    racc (1.8.1)
    rake (13.2.1)
    toml-rb (4.0.0)
      citrus (~> 3.0, > 3.0)
      racc (~> 1.7)

PLATFORMS
  x64-mingw-ucrt

DEPENDENCIES
  grpc (~> 1.72)
  grpc-tools (~> 1.72)
  toml-rb (~> 4.0)

RUBY VERSION
   ruby 3.2.2p53

BUNDLED WITH
   2.6.7
