GEM
  remote: https://rubygems.org/
  specs:
    citrus (3.0.2)
    racc (1.8.1)
    toml-rb (4.0.0)
      citrus (~> 3.0, > 3.0)
      racc (~> 1.7)

PLATFORMS
  x64-mingw-ucrt

DEPENDENCIES
  toml-rb (~> 4.0)

RUBY VERSION
   ruby 3.2.2p53

BUNDLED WITH
   2.6.7
